GEM
  remote: https://rubygems.org/
  specs:
    aws-sdk (1.14.1)
      json (~> 1.4)
      nokogiri (< 1.6.0)
      uuidtools (~> 2.1)
    backports (3.3.3)
    dotenv (0.8.0)
    eventmachine (1.0.3)
    haml (4.0.3)
      tilt
    json (1.8.0)
    nokogiri (1.5.10)
    puma (2.4.0)
      rack (>= 1.1, < 2.0)
    rack (1.5.2)
    rack-protection (1.5.0)
      rack
    rack-test (0.6.2)
      rack (>= 1.0)
    sinatra (1.4.3)
      rack (~> 1.4)
      rack-protection (~> 1.4)
      tilt (~> 1.3, >= 1.3.4)
    sinatra-contrib (1.4.0)
      backports (>= 2.0)
      eventmachine
      rack-protection
      rack-test
      sinatra (~> 1.4.2)
      tilt (~> 1.3)
    tilt (1.4.1)
    uuidtools (2.1.4)

PLATFORMS
  ruby

DEPENDENCIES
  aws-sdk (~> 1.14)
  dotenv
  haml
  puma
  sinatra
  sinatra-contrib
