GEM
  remote: https://rubygems.org/
  specs:
    aws-sdk (2.2.13)
      aws-sdk-resources (= 2.2.13)
    aws-sdk-core (2.2.13)
      jmespath (~> 1.0)
    aws-sdk-resources (2.2.13)
      aws-sdk-core (= 2.2.13)
    dotenv (2.1.0)
    jmespath (1.1.3)
    puma (2.15.3)
    rack (1.6.4)
    rack-protection (1.5.3)
      rack
    sinatra (1.4.7)
      rack (~> 1.5)
      rack-protection (~> 1.4)
      tilt (>= 1.3, < 3)
    tilt (2.0.2)

PLATFORMS
  ruby

DEPENDENCIES
  aws-sdk (~> 2.0)
  dotenv
  puma
  sinatra (~> 1.4.7)

BUNDLED WITH
   1.11.2
